GEM
  remote: http://rubygems.org/
  specs:
    nokogiri (1.4.3.1)
    rack (2.2.3)
    rack-test (0.5.4)
      rack (>= 1.0)
    rspec (1.3.0)
    sinatra (1.0)
      rack (>= 1.0)

PLATFORMS
  ruby

DEPENDENCIES
  nokogiri
  rack-test
  rspec
  sinatra
