GEM
  remote: http://rubygems.org/
  specs:
    mustermann (2.0.2)
      ruby2_keywords (~> 0.0.1)
    nokogiri (1.4.3.1)
    rack (2.2.4)
    rack-protection (2.2.3)
      rack
    rack-test (0.5.4)
      rack (>= 1.0)
    rspec (1.3.0)
    ruby2_keywords (0.0.5)
    sinatra (2.2.3)
      mustermann (~> 2.0)
      rack (~> 2.2)
      rack-protection (= 2.2.3)
      tilt (~> 2.0)
    tilt (2.0.11)

PLATFORMS
  ruby

DEPENDENCIES
  nokogiri
  rack-test
  rspec
  sinatra
